PATH
  remote: .
  specs:
    ok_computer_sidekiq_processeses_check (0.1.0)
      okcomputer
      sidekiq

GEM
  remote: https://rubygems.org/
  specs:
    concurrent-ruby (1.1.10)
    connection_pool (2.3.0)
    diff-lcs (1.3)
    okcomputer (1.18.1)
    rack (3.0.4.1)
    rake (10.5.0)
    redis-client (0.12.1)
      connection_pool
    rspec (3.9.0)
      rspec-core (~> 3.9.0)
      rspec-expectations (~> 3.9.0)
      rspec-mocks (~> 3.9.0)
    rspec-core (3.9.1)
      rspec-support (~> 3.9.1)
    rspec-expectations (3.9.1)
      diff-lcs (>= 1.2.0, < 2.0)
      rspec-support (~> 3.9.0)
    rspec-mocks (3.9.1)
      diff-lcs (>= 1.2.0, < 2.0)
      rspec-support (~> 3.9.0)
    rspec-support (3.9.2)
    sidekiq (7.0.3)
      concurrent-ruby (< 2)
      connection_pool (>= 2.3.0)
      rack (>= 2.2.4)
      redis-client (>= 0.11.0)

PLATFORMS
  ruby

DEPENDENCIES
  bundler (~> 1.17)
  ok_computer_sidekiq_processeses_check!
  rake (~> 10.0)
  rspec (~> 3.0)

BUNDLED WITH
   1.17.3
